GIT
  remote: https://github.com/f1sales/f1sales_helpers.git
  revision: 3c3f8eb9679b4e6296f8929fb8a20813936b8205
  branch: master
  specs:
    f1sales_helpers (0.1.0)

GIT
  remote: https://github.com/marciok/f1sales_custom-email.git
  revision: 6cad18ba9095284c15da97d7afd50aa47cc711a8
  branch: master
  specs:
    f1sales_custom-email (0.1.0)

GIT
  remote: https://github.com/marciok/f1sales_custom-hooks.git
  revision: 3cad267b7ae5d68c09a2e70fcc3235dad2fdcfb2
  branch: master
  specs:
    f1sales_custom-hooks (0.1.1)

PATH
  remote: .
  specs:
    sampatrianon (0.2.5)

GEM
  remote: https://rubygems.org/
  specs:
    addressable (2.6.0)
      public_suffix (>= 2.0.2, < 4.0)
    ast (2.4.2)
    byebug (11.1.3)
    concurrent-ruby (1.1.5)
    crack (0.4.3)
      safe_yaml (~> 1.0.0)
    diff-lcs (1.3)
    domain_name (0.5.20190701)
      unf (>= 0.0.5, < 1.0.0)
    faker (2.1.2)
      i18n (>= 0.8)
    ffi (1.11.1)
    ffi-compiler (1.0.1)
      ffi (>= 1.0.0)
      rake
    hashdiff (1.0.0)
    http (4.2.0)
      addressable (~> 2.3)
      http-cookie (~> 1.0)
      http-form_data (~> 2.0)
      http-parser (~> 1.2.0)
    http-cookie (1.0.3)
      domain_name (~> 0.5)
    http-form_data (2.1.1)
    http-parser (1.2.1)
      ffi-compiler (>= 1.0, < 2.0)
    i18n (1.6.0)
      concurrent-ruby (~> 1.0)
    json (2.6.2)
    parallel (1.22.1)
    parser (3.1.3.0)
      ast (~> 2.4.1)
    public_suffix (3.1.1)
    rack (2.0.7)
    rack-test (1.1.0)
      rack (>= 1.0, < 3)
    rainbow (3.1.1)
    rake (10.5.0)
    regexp_parser (2.6.1)
    rexml (3.2.5)
    rspec (3.8.0)
      rspec-core (~> 3.8.0)
      rspec-expectations (~> 3.8.0)
      rspec-mocks (~> 3.8.0)
    rspec-core (3.8.2)
      rspec-support (~> 3.8.0)
    rspec-expectations (3.8.4)
      diff-lcs (>= 1.2.0, < 2.0)
      rspec-support (~> 3.8.0)
    rspec-mocks (3.8.1)
      diff-lcs (>= 1.2.0, < 2.0)
      rspec-support (~> 3.8.0)
    rspec-support (3.8.2)
    rubocop (1.39.0)
      json (~> 2.3)
      parallel (~> 1.10)
      parser (>= 3.1.2.1)
      rainbow (>= 2.2.2, < 4.0)
      regexp_parser (>= 1.8, < 3.0)
      rexml (>= 3.2.5, < 4.0)
      rubocop-ast (>= 1.23.0, < 2.0)
      ruby-progressbar (~> 1.7)
      unicode-display_width (>= 1.4.0, < 3.0)
    rubocop-ast (1.24.0)
      parser (>= 3.1.1.0)
    ruby-progressbar (1.11.0)
    safe_yaml (1.0.5)
    unf (0.1.4)
      unf_ext
    unf_ext (0.0.7.6)
    unicode-display_width (2.3.0)
    webmock (3.6.2)
      addressable (>= 2.3.6)
      crack (>= 0.3.2)
      hashdiff (>= 0.4.0, < 2.0.0)

PLATFORMS
  ruby

DEPENDENCIES
  bundler (~> 2.0)
  byebug
  f1sales_custom-email!
  f1sales_custom-hooks!
  f1sales_helpers!
  faker
  http
  rack-test
  rake (~> 10.0)
  rspec
  rubocop
  sampatrianon!
  webmock

BUNDLED WITH
   2.3.10
